GEM
  remote: https://rubygems.org/
  specs:
    httpclient (2.8.3)
    json (2.3.0)
    mustermann (1.1.1)
      ruby2_keywords (~> 0.0.1)
    rack (2.1.4)
    rack-protection (2.0.5)
      rack
    ruby2_keywords (0.0.2)
    sinatra (2.0.5)
      mustermann (~> 1.0)
      rack (~> 2.0)
      rack-protection (= 2.0.5)
      tilt (~> 2.0)
    slim (4.0.1)
      temple (>= 0.7.6, < 0.9)
      tilt (>= 2.0.6, < 2.1)
    temple (0.8.2)
    tilt (2.0.10)

PLATFORMS
  ruby

DEPENDENCIES
  httpclient
  json
  rack (~> 2.1.4)
  rack-protection (= 2.0.5)
  sinatra (= 2.0.5)
  slim

BUNDLED WITH
   1.17.2
